GEM
  remote: https://rubygems.org/
  specs:
    domain_name (0.5.24)
      unf (>= 0.0.5, < 1.0.0)
    http-cookie (1.0.2)
      domain_name (~> 0.5)
    json (1.8.2)
    mail (2.6.3)
      mime-types (>= 1.16, < 3)
    mime-types (2.4.3)
    netrc (0.10.3)
    pony (1.11)
      mail (>= 2.0)
    rack (1.6.0)
    rack-protection (1.5.3)
      rack
    rack-recaptcha (0.6.6)
      json
    rest-client (1.8.0)
      http-cookie (>= 1.0.2, < 2.0)
      mime-types (>= 1.16, < 3.0)
      netrc (~> 0.7)
    sendgrid-ruby (0.0.3)
      rest-client
      smtpapi
    sinatra (1.4.6)
      rack (~> 1.4)
      rack-protection (~> 1.4)
      tilt (>= 1.3, < 3)
    smtpapi (0.1.0)
    tilt (2.0.1)
    unf (0.1.4)
      unf_ext
    unf_ext (0.0.7.1)

PLATFORMS
  ruby

DEPENDENCIES
  json
  pony
  rack
  rack-recaptcha
  sendgrid-ruby
  sinatra
